GIT
  remote: git://github.com/rack/rack.git
  revision: 4b4bf3ef0f2f8a2bf1663744ac4394176f84264e
  specs:
    rack (1.2.1)

GIT
  remote: git://github.com/rails/arel.git
  revision: a6f56d8b2860a0edd846b94cfe08cdfe61e97e48
  specs:
    arel (2.1.0.20110430172428)

GIT
  remote: git://github.com/rails/rails.git
  revision: 8dbee3aba6920edcae20abf3af7f803e528f9ee0
  specs:
    actionmailer (3.1.0.beta)
      actionpack (= 3.1.0.beta)
      mail (~> 2.3.0)
    actionpack (3.1.0.beta)
      activemodel (= 3.1.0.beta)
      activesupport (= 3.1.0.beta)
      builder (~> 3.0.0)
      erubis (~> 2.7.0)
      i18n (~> 0.6.0beta1)
      rack (~> 1.2.1)
      rack-cache (~> 1.0.0)
      rack-mount (~> 0.7.2)
      rack-test (~> 0.5.7)
      tzinfo (~> 0.3.23)
    activemodel (3.1.0.beta)
      activesupport (= 3.1.0.beta)
      bcrypt-ruby (~> 2.1.4)
      builder (~> 3.0.0)
      i18n (~> 0.6.0beta1)
    activerecord (3.1.0.beta)
      activemodel (= 3.1.0.beta)
      activesupport (= 3.1.0.beta)
      arel (~> 2.1.0)
      tzinfo (~> 0.3.23)
    activeresource (3.1.0.beta)
      activemodel (= 3.1.0.beta)
      activesupport (= 3.1.0.beta)
    activesupport (3.1.0.beta)
      multi_json (~> 1.0.0)
    rails (3.1.0.beta)
      actionmailer (= 3.1.0.beta)
      actionpack (= 3.1.0.beta)
      activerecord (= 3.1.0.beta)
      activeresource (= 3.1.0.beta)
      activesupport (= 3.1.0.beta)
      bundler (~> 1.0)
      railties (= 3.1.0.beta)
    railties (3.1.0.beta)
      actionpack (= 3.1.0.beta)
      activesupport (= 3.1.0.beta)
      rack-ssl (~> 1.3.2)
      rake (>= 0.8.7)
      thor (~> 0.14.4)

GIT
  remote: git://github.com/sstephenson/sprockets.git
  revision: ebd683ea75891a62a50c27c895e2d120c57498e6
  specs:
    sprockets (2.0.0)
      hike (~> 0.7)
      rack (~> 1.0)
      tilt (~> 1.0)

GEM
  remote: http://rubygems.org/
  specs:
    bcrypt-ruby (2.1.4)
    builder (3.0.0)
    capybara (0.4.1.2)
      celerity (>= 0.7.9)
      culerity (>= 0.2.4)
      mime-types (>= 1.16)
      nokogiri (>= 1.3.3)
      rack (>= 1.0.0)
      rack-test (>= 0.5.4)
      selenium-webdriver (>= 0.0.27)
      xpath (~> 0.1.3)
    celerity (0.8.9)
    childprocess (0.1.8)
      ffi (~> 1.0.6)
    culerity (0.2.15)
    daemons (1.0.10)
    devise (1.3.4)
      bcrypt-ruby (~> 2.1.2)
      orm_adapter (~> 0.0.3)
      warden (~> 1.0.3)
    erubis (2.7.0)
    ffi (1.0.7)
      rake (>= 0.8.7)
    gem_plugin (0.2.3)
    hike (0.7.1)
    i18n (0.6.0beta1)
    json_pure (1.5.1)
    mail (2.3.0)
      i18n (>= 0.4.0)
      mime-types (~> 1.16)
      treetop (~> 1.4.8)
    mime-types (1.16)
    mongrel (1.2.0.pre2)
      daemons (~> 1.0.10)
      gem_plugin (~> 0.2.3)
    multi_json (1.0.0)
    nokogiri (1.4.4)
    orm_adapter (0.0.4)
    polyglot (0.3.1)
    rack-cache (1.0.1)
      rack (>= 0.4)
    rack-mount (0.7.2)
      rack (>= 1.0.0)
    rack-ssl (1.3.2)
      rack
    rack-test (0.5.7)
      rack (>= 1.0)
    rake (0.8.7)
    rubyzip (0.9.4)
    selenium-webdriver (0.2.0)
      childprocess (>= 0.1.7)
      ffi (>= 1.0.7)
      json_pure
      rubyzip
    sqlite3 (1.3.3)
    thor (0.14.6)
    tilt (1.3)
    treetop (1.4.9)
      polyglot (>= 0.3.1)
    tzinfo (0.3.27)
    warden (1.0.3)
      rack (>= 1.0.0)
    xpath (0.1.4)
      nokogiri (~> 1.3)

PLATFORMS
  ruby

DEPENDENCIES
  arel!
  capybara
  devise
  mongrel (>= 1.2.0.pre2)
  rack!
  rails!
  sprockets!
  sqlite3
